GEM
  remote: http://rubygems.org/
  specs:
    activemodel (3.0.0.rc)
      activesupport (= 3.0.0.rc)
      builder (~> 2.1.2)
      i18n (~> 0.4.1)
    activeresource (3.0.0.rc)
      activemodel (= 3.0.0.rc)
      activesupport (= 3.0.0.rc)
    activesupport (3.0.0.rc)
    builder (2.1.2)
    i18n (0.4.1)
    will_paginate (3.0.pre2)

PLATFORMS
  ruby

DEPENDENCIES
  activeresource (>= 3.0.0.rc)
  activesupport (>= 3.0.0.rc)
  will_paginate (>= 3.0.pre)
